GEM
  remote: https://rubygems.org/
  specs:
    fastercsv (1.5.5)
    mime-types (1.19)
    multi_json (1.5.0)
    rake (10.0.3)
    rest-client (1.6.7)
      mime-types (>= 1.16)
    stripe (1.7.9)
      multi_json (>= 1.0.4, < 2)
      rest-client (~> 1.4)

PLATFORMS
  ruby

DEPENDENCIES
  fastercsv
  rake
  stripe
